GEM
  remote: https://gems.ruby-china.org/
  specs:
    rulers (0.1.0)

PLATFORMS
  ruby

DEPENDENCIES
  rulers

BUNDLED WITH
   1.15.1
